GEM
  remote: https://rubygems.org/
  specs:
    pg (0.21.0)

PLATFORMS
  ruby

DEPENDENCIES
  pg

RUBY VERSION
   ruby 2.3.0p0

BUNDLED WITH
   1.13.6
